GEM
  remote: http://rubygems.org/
  specs:
    giternal (0.1.0)
    watchr (0.7)

PLATFORMS
  ruby

DEPENDENCIES
  giternal (= 0.1.0)
  watchr (= 0.7)
